PATH
  remote: .
  specs:
    wslave (0.0.1)
      capistrano (~> 3.8.1)
      capistrano-git-with-submodules (~> 2.0)
      haikunator
      thor

GEM
  remote: https://rubygems.org/
  specs:
    airbrussh (1.3.0)
      sshkit (>= 1.6.1, != 1.7.0)
    capistrano (3.8.2)
      airbrussh (>= 1.0.0)
      i18n
      rake (>= 10.0.0)
      sshkit (>= 1.9.0)
    capistrano-git-with-submodules (2.0.3)
      capistrano (~> 3.7)
    haikunator (1.1.0)
    i18n (0.8.6)
    net-scp (1.2.1)
      net-ssh (>= 2.6.5)
    net-ssh (4.1.0)
    rake (12.0.0)
    sshkit (1.14.0)
      net-scp (>= 1.1.2)
      net-ssh (>= 2.8.0)
    thor (0.20.0)

PLATFORMS
  ruby

DEPENDENCIES
  wslave!

BUNDLED WITH
   1.14.6
